GEM
  remote: https://rubygems.org/
  specs:
    mina (0.3.8)
      open4 (~> 1.3.4)
      rake
    mina-multistage (1.0.2)
      mina (>= 0.2.1)
    open4 (1.3.4)
    rake (13.0.1)

PLATFORMS
  ruby

DEPENDENCIES
  mina (= 0.3.8)
  mina-multistage

BUNDLED WITH
   1.16.2
